PATH
  remote: .
  specs:
    net-http-auth-hmac (0.0.1)

GEM
  remote: http://rubygems.org/
  specs:
    rake (0.9.2.2)

PLATFORMS
  ruby

DEPENDENCIES
  net-http-auth-hmac!
  rake
